GEM
  remote: https://rubygems.org/
  specs:
    motion-gradle (2.1.0)
    rake (12.3.3)

PLATFORMS
  ruby

DEPENDENCIES
  motion-gradle
  rake

BUNDLED WITH
   1.16.0
