PATH
  remote: ../..
  specs:
    motion-flow (0.1.9)

GEM
  remote: https://rubygems.org/
  specs:
    rake (12.3.3)

PLATFORMS
  ruby

DEPENDENCIES
  motion-flow!
  rake

BUNDLED WITH
   1.16.0
