PATH
  remote: ../..
  specs:
    motion-flow (0.1.9)
      motion-gradle

GEM
  remote: https://rubygems.org/
  specs:
    motion-gradle (2.1.0)
    rake (12.3.0)

PLATFORMS
  ruby

DEPENDENCIES
  motion-flow!
  rake

BUNDLED WITH
   1.16.0
